GEM
  remote: https://rubygems.org/
  specs:
    activesupport (3.1.12)
      multi_json (~> 1.0)
    awesome_print (1.1.0)
    backports (3.3.0)
    celluloid (0.13.0)
      timers (>= 1.0.0)
    chronic (0.9.1)
    connection_pool (1.0.0)
    daemons (1.1.9)
    dotenv (0.7.0)
    eventmachine (1.0.3)
    fast-stemmer (1.0.2)
    foreman (0.63.0)
      dotenv (>= 0.7)
      thor (>= 0.13.6)
    haml (4.0.2)
      tilt
    hike (1.2.2)
    httpclient (2.3.3)
    i18n (0.6.4)
    jsmin (1.0.1)
    json (1.8.0)
    multi_json (1.7.3)
    neography (1.0.10)
      httpclient (>= 2.3.3)
      json (>= 1.7.7)
      multi_json (>= 1.3.2)
      os (>= 0.9.6)
      rake (>= 0.8.7)
      rubyzip (>= 0.9.7)
    nerdier (0.0.3)
      httpclient (>= 2.3.3)
      json (>= 1.6.0)
      oj (>= 2.0.12)
    nokogiri (1.5.9)
    oj (2.0.12)
    os (0.9.6)
    pismo (0.7.4)
      awesome_print
      chronic
      fast-stemmer
      nokogiri
      sanitize
    rack (1.5.2)
    rack-protection (1.5.0)
      rack
    rack-test (0.6.2)
      rack (>= 1.0)
    rake (10.0.4)
    redis (3.0.4)
    redis-namespace (1.2.1)
      redis (~> 3.0.0)
    rubyzip (0.9.9)
    sanitize (2.0.3)
      nokogiri (>= 1.4.4, < 1.6)
    sidekiq (2.11.2)
      celluloid (>= 0.13.0)
      connection_pool (>= 1.0.0)
      multi_json
      redis (>= 3.0)
      redis-namespace
    sidekiq-failures (0.1.0)
      sidekiq (>= 2.2.1)
      sinatra
      slim
      sprockets
    sidekiq-unique-jobs (2.6.5)
      sidekiq (~> 2.6)
    sinatra (1.4.2)
      rack (~> 1.5, >= 1.5.2)
      rack-protection (~> 1.4)
      tilt (~> 1.3, >= 1.3.4)
    sinatra-assetpack (0.2.2)
      backports
      jsmin
      rack-test
      sinatra
      tilt (>= 1.3.0)
    sinatra-contrib (1.4.0)
      backports (>= 2.0)
      eventmachine
      rack-protection
      rack-test
      sinatra (~> 1.4.2)
      tilt (~> 1.3)
    slim (1.3.8)
      temple (~> 0.6.3)
      tilt (~> 1.3.3)
    sprockets (2.9.3)
      hike (~> 1.2)
      multi_json (~> 1.0)
      rack (~> 1.0)
      tilt (~> 1.1, != 1.3.0)
    temple (0.6.4)
    thin (1.5.1)
      daemons (>= 1.0.9)
      eventmachine (>= 0.12.6)
      rack (>= 1.0.0)
    thor (0.18.1)
    tilt (1.3.7)
    timers (1.1.0)

PLATFORMS
  ruby

DEPENDENCIES
  activesupport
  foreman
  haml
  httpclient
  i18n
  neography
  nerdier
  nokogiri
  oj
  pismo
  redis
  sidekiq
  sidekiq-failures
  sidekiq-unique-jobs
  sinatra
  sinatra-assetpack
  sinatra-contrib
  slim (= 1.3.8)
  sprockets
  thin
